GEM
  remote: http://rubygems.org/
  specs:
    colored (1.2)
    cxx (0.1.14)
      cxxproject
      highline
    cxxproject (0.6.29)
      colored
      frazzle
    cxxproject_clangtoolchain (0.1.9)
      cxxproject
    cxxproject_gcctoolchain (0.1.10)
      cxxproject
    frazzle (0.1.3)
    highline (1.6.15)
    rake (0.9.2.2)

PLATFORMS
  ruby

DEPENDENCIES
  cxx
  cxxproject_clangtoolchain
  cxxproject_gcctoolchain
  rake
